PATH
  remote: .
  specs:
    act_as_page_extractor (0.2.3)
      activerecord (~> 6.0)
      awesome_print (~> 1)
      docsplit (~> 0)
      filesize (~> 0)
      pdf-reader (~> 1.4.0, >= 1.4.0)
      pdf_utils (~> 0)
      prawn (~> 0.7.1)
      total_compressor (~> 0)

GEM
  remote: https://rubygems.org/
  specs:
    Ascii85 (1.0.3)
    activemodel (6.1.7.8)
      activesupport (= 6.1.7.8)
    activerecord (6.1.7.8)
      activemodel (= 6.1.7.8)
      activesupport (= 6.1.7.8)
    activesupport (6.1.7.8)
      concurrent-ruby (~> 1.0, >= 1.0.2)
      i18n (>= 1.6, < 2)
      minitest (>= 5.1)
      tzinfo (~> 2.0)
      zeitwerk (~> 2.3)
    afm (0.2.2)
    awesome_print (1.9.2)
    byebug (11.1.3)
    concurrent-ruby (1.3.4)
    diff-lcs (1.5.1)
    docile (1.4.1)
    docsplit (0.7.6)
    filesize (0.2.0)
    hashery (2.1.2)
    i18n (1.14.5)
      concurrent-ruby (~> 1.0)
    minitest (5.25.1)
    pdf-reader (1.4.1)
      Ascii85 (~> 1.0.0)
      afm (~> 0.2.1)
      hashery (~> 2.0)
      ruby-rc4
      ttfunk
    pdf_utils (0.1.0)
    prawn (0.7.2)
      prawn-core (>= 0.7.2, < 0.8)
      prawn-layout (>= 0.7.2, < 0.8)
      prawn-security (>= 0.7.1, < 0.8)
    prawn-core (0.7.2)
    prawn-layout (0.7.2)
    prawn-security (0.7.1)
    rake (12.3.3)
    rspec (3.13.0)
      rspec-core (~> 3.13.0)
      rspec-expectations (~> 3.13.0)
      rspec-mocks (~> 3.13.0)
    rspec-core (3.13.0)
      rspec-support (~> 3.13.0)
    rspec-expectations (3.13.2)
      diff-lcs (>= 1.2.0, < 2.0)
      rspec-support (~> 3.13.0)
    rspec-mocks (3.13.1)
      diff-lcs (>= 1.2.0, < 2.0)
      rspec-support (~> 3.13.0)
    rspec-support (3.13.1)
    ruby-rc4 (0.1.5)
    rubyzip (1.3.0)
    simplecov (0.22.0)
      docile (~> 1.1)
      simplecov-html (~> 0.11)
      simplecov_json_formatter (~> 0.1)
    simplecov-html (0.12.3)
    simplecov_json_formatter (0.1.4)
    total_compressor (0.1.11)
      awesome_print (~> 1.1, >= 1.1.0)
      rubyzip (~> 1.2, >= 1.2.2)
    ttfunk (1.7.0)
    tzinfo (2.0.6)
      concurrent-ruby (~> 1.0)
    zeitwerk (2.6.17)

PLATFORMS
  ruby

DEPENDENCIES
  act_as_page_extractor!
  activerecord (~> 6.0)
  awesome_print
  bundler (~> 1.3)
  byebug
  docsplit
  filesize
  pdf-reader
  pdf_utils
  prawn
  rake (~> 12.3, >= 12.3.3)
  rspec
  simplecov
  total_compressor

BUNDLED WITH
   1.17.3
