PATH
  remote: .
  specs:
    act_as_page_extractor (0.1.5)
      activerecord (~> 4.1)
      awesome_print (~> 1.1, >= 1.1.0)
      docsplit (~> 0)
      filesize (~> 0)
      pdf-reader (~> 1.4.0, >= 1.4.0)
      pdf_utils (~> 0)
      prawn (~> 0.7.1)
      total_compressor (~> 0)

GEM
  remote: https://rubygems.org/
  specs:
    Ascii85 (1.0.3)
    activemodel (4.2.11.3)
      activesupport (= 4.2.11.3)
      builder (~> 3.1)
    activerecord (4.2.11.3)
      activemodel (= 4.2.11.3)
      activesupport (= 4.2.11.3)
      arel (~> 6.0)
    activesupport (4.2.11.3)
      i18n (~> 0.7)
      minitest (~> 5.1)
      thread_safe (~> 0.3, >= 0.3.4)
      tzinfo (~> 1.1)
    afm (0.2.2)
    arel (6.0.4)
    awesome_print (1.8.0)
    builder (3.2.4)
    byebug (11.1.3)
    concurrent-ruby (1.1.6)
    diff-lcs (1.3)
    docile (1.3.2)
    docsplit (0.7.6)
    filesize (0.2.0)
    hashery (2.1.2)
    i18n (0.9.5)
      concurrent-ruby (~> 1.0)
    minitest (5.14.1)
    pdf-reader (1.4.1)
      Ascii85 (~> 1.0.0)
      afm (~> 0.2.1)
      hashery (~> 2.0)
      ruby-rc4
      ttfunk
    pdf_utils (0.1.0)
    prawn (0.7.2)
      prawn-core (>= 0.7.2, < 0.8)
      prawn-layout (>= 0.7.2, < 0.8)
      prawn-security (>= 0.7.1, < 0.8)
    prawn-core (0.7.2)
    prawn-layout (0.7.2)
    prawn-security (0.7.1)
    rake (12.3.3)
    rspec (3.9.0)
      rspec-core (~> 3.9.0)
      rspec-expectations (~> 3.9.0)
      rspec-mocks (~> 3.9.0)
    rspec-core (3.9.2)
      rspec-support (~> 3.9.3)
    rspec-expectations (3.9.2)
      diff-lcs (>= 1.2.0, < 2.0)
      rspec-support (~> 3.9.0)
    rspec-mocks (3.9.1)
      diff-lcs (>= 1.2.0, < 2.0)
      rspec-support (~> 3.9.0)
    rspec-support (3.9.3)
    ruby-rc4 (0.1.5)
    rubyzip (1.3.0)
    simplecov (0.18.5)
      docile (~> 1.1)
      simplecov-html (~> 0.11)
    simplecov-html (0.12.2)
    thread_safe (0.3.6)
    total_compressor (0.1.11)
      awesome_print (~> 1.1, >= 1.1.0)
      rubyzip (~> 1.2, >= 1.2.2)
    ttfunk (1.6.2.1)
    tzinfo (1.2.7)
      thread_safe (~> 0.1)

PLATFORMS
  ruby

DEPENDENCIES
  act_as_page_extractor!
  activerecord (~> 4.2)
  awesome_print
  bundler (~> 1.3)
  byebug
  docsplit
  filesize
  pdf-reader
  pdf_utils
  prawn (~> 0.7.1)
  rake (~> 12.3, >= 12.3.3)
  rspec (>= 2.14)
  simplecov
  total_compressor

BUNDLED WITH
   1.17.3
