PATH
  remote: .
  specs:
    act_as_page_extractor (0.1.2)
      activerecord (~> 4.1)
      awesome_print (~> 1.1, >= 1.1.0)
      docsplit (~> 0)
      filesize (~> 0)
      pdf-reader (~> 1.4.0, >= 1.4.0)
      pdf_utils (~> 0)
      prawn (~> 0.7.1)
      total_compressor (~> 0)

GEM
  remote: https://rubygems.org/
  specs:
    Ascii85 (1.0.2)
    activemodel (4.2.7.1)
      activesupport (= 4.2.7.1)
      builder (~> 3.1)
    activerecord (4.2.7.1)
      activemodel (= 4.2.7.1)
      activesupport (= 4.2.7.1)
      arel (~> 6.0)
    activesupport (4.2.7.1)
      i18n (~> 0.7)
      json (~> 1.7, >= 1.7.7)
      minitest (~> 5.1)
      thread_safe (~> 0.3, >= 0.3.4)
      tzinfo (~> 1.1)
    afm (0.2.2)
    arel (6.0.3)
    awesome_print (1.8.0)
    builder (3.2.2)
    byebug (11.0.1)
    diff-lcs (1.2.5)
    docile (1.1.5)
    docsplit (0.7.6)
    filesize (0.1.1)
    hashery (2.1.2)
    i18n (0.7.0)
    json (1.8.3)
    minitest (5.9.0)
    pdf-reader (1.4.0)
      Ascii85 (~> 1.0.0)
      afm (~> 0.2.1)
      hashery (~> 2.0)
      ruby-rc4
      ttfunk
    pdf_utils (0.1.0)
    prawn (0.7.2)
      prawn-core (>= 0.7.2, < 0.8)
      prawn-layout (>= 0.7.2, < 0.8)
      prawn-security (>= 0.7.1, < 0.8)
    prawn-core (0.7.2)
    prawn-layout (0.7.2)
    prawn-security (0.7.1)
    rake (0.9.6)
    rspec (3.5.0)
      rspec-core (~> 3.5.0)
      rspec-expectations (~> 3.5.0)
      rspec-mocks (~> 3.5.0)
    rspec-core (3.5.3)
      rspec-support (~> 3.5.0)
    rspec-expectations (3.5.0)
      diff-lcs (>= 1.2.0, < 2.0)
      rspec-support (~> 3.5.0)
    rspec-mocks (3.5.0)
      diff-lcs (>= 1.2.0, < 2.0)
      rspec-support (~> 3.5.0)
    rspec-support (3.5.0)
    ruby-rc4 (0.1.5)
    rubyzip (1.2.2)
    simplecov (0.11.2)
      docile (~> 1.1.0)
      json (~> 1.8)
      simplecov-html (~> 0.10.0)
    simplecov-html (0.10.0)
    thread_safe (0.3.5)
    total_compressor (0.1.7)
      awesome_print (~> 1.1, >= 1.1.0)
      rubyzip (~> 1.2, >= 1.2.2)
    ttfunk (1.4.0)
    tzinfo (1.2.2)
      thread_safe (~> 0.1)

PLATFORMS
  ruby

DEPENDENCIES
  act_as_page_extractor!
  activerecord (~> 4.1)
  awesome_print
  bundler (~> 1.3)
  byebug
  docsplit
  filesize
  pdf-reader
  pdf_utils
  prawn (~> 0.7.1)
  rake (~> 0)
  rspec (>= 2.14)
  simplecov
  total_compressor

BUNDLED WITH
   1.13.7
